GEM
  remote: https://rubygems.org/
  specs:
    diff-lcs (1.2.1)
    ethon (0.5.11)
      ffi (>= 1.3.0)
      mime-types (~> 1.18)
    faraday (0.8.4)
      multipart-post (~> 1.1)
    ffi (1.7.0)
    mime-types (1.22)
    multi_json (1.7.2)
    multipart-post (1.1.5)
    nokogiri (1.5.9)
    rspec (2.13.0)
      rspec-core (~> 2.13.0)
      rspec-expectations (~> 2.13.0)
      rspec-mocks (~> 2.13.0)
    rspec-core (2.13.1)
    rspec-expectations (2.13.0)
      diff-lcs (>= 1.1.3, < 2.0)
    rspec-mocks (2.13.0)
    sequel (3.45.0)
    simple_oauth (0.2.0)
    sqlite3 (1.3.7)
    titlecase (0.1.1)
    twitter (4.4.2)
      faraday (~> 0.8)
      multi_json (~> 1.3)
      simple_oauth (~> 0.2)
    typhoeus (0.6.3)
      ethon (~> 0.5.11)

PLATFORMS
  ruby

DEPENDENCIES
  nokogiri
  rspec
  sequel
  sqlite3
  titlecase
  twitter
  typhoeus
