GEM
  remote: http://rubygems.org/
  specs:
    activesupport (3.2.13)
      i18n (= 0.6.1)
      multi_json (~> 1.0)
    i18n (0.6.1)
    loggability (0.6.0)
    multi_json (1.7.2)
    nokogiri (1.5.9)
    sequel (3.45.0)
    sqlite3 (1.3.7)
    wordnet (1.0.0)
      loggability (~> 0.5)
      sequel (~> 3.38)
    wordnet-defaultdb (1.0.1)
      sqlite3 (~> 1.3)
      wordnet (~> 1.0.0.pre)

PLATFORMS
  ruby

DEPENDENCIES
  activesupport
  nokogiri
  wordnet
  wordnet-defaultdb
